PATH
  remote: .
  specs:
    ruby-ethereum (0.9.1)
      bitcoin-secp256k1 (~> 0.3)
      block_logger (~> 0.1)
      devp2p (~> 0.1)
      digest-sha3 (~> 1.1)
      ethash (~> 0.2)
      ffi (~> 1.9)
      leveldb (= 0.1.9)
      lru_redux (~> 1.1)
      rlp (= 0.7.2)

GEM
  remote: https://rubygems.org/
  specs:
    bitcoin-secp256k1 (0.3.1)
      ffi (>= 1.9.10)
    block_logger (0.1.2)
      logging (~> 2.0)
    byebug (3.5.1)
      columnize (~> 0.8)
      debugger-linecache (~> 1.2)
      slop (~> 3.6)
    celluloid (0.17.3)
      celluloid-essentials
      celluloid-extras
      celluloid-fsm
      celluloid-pool
      celluloid-supervision
      timers (>= 4.1.1)
    celluloid-essentials (0.20.5)
      timers (>= 4.1.1)
    celluloid-extras (0.20.5)
      timers (>= 4.1.1)
    celluloid-fsm (0.20.5)
      timers (>= 4.1.1)
    celluloid-io (0.17.3)
      celluloid (>= 0.17.2)
      nio4r (>= 1.1)
      timers (>= 4.1.1)
    celluloid-pool (0.20.5)
      timers (>= 4.1.1)
    celluloid-supervision (0.20.5)
      timers (>= 4.1.1)
    coderay (1.1.0)
    columnize (0.9.0)
    debugger-linecache (1.2.0)
    devp2p (0.1.1)
      bitcoin-secp256k1 (= 0.3.1)
      block_logger (= 0.1.2)
      celluloid (~> 0.17)
      celluloid-io (~> 0.17.3)
      digest-sha3 (~> 1.1)
      hashie (~> 3.4)
      rlp (>= 0.7.1)
    digest-sha3 (1.1.0)
    ethash (0.2.0)
    ffi (1.9.10)
    fiddler-rb (0.1.2)
    hashie (3.4.4)
    hitimes (1.2.4)
    leveldb (0.1.9)
      fiddler-rb (~> 0.1.1)
    little-plugger (1.1.4)
    logging (2.1.0)
      little-plugger (~> 1.1)
      multi_json (~> 1.10)
    lru_redux (1.1.0)
    method_source (0.8.2)
    minitest (5.8.3)
    multi_json (1.12.0)
    nio4r (1.2.1)
    pry (0.10.3)
      coderay (~> 1.1.0)
      method_source (~> 0.8.1)
      slop (~> 3.4)
    pry-byebug (2.0.0)
      byebug (~> 3.4)
      pry (~> 0.10)
    rake (10.5.0)
    rlp (0.7.2)
    serpent (0.3.0)
    slop (3.6.0)
    timers (4.1.1)
      hitimes
    yard (0.8.7.6)

PLATFORMS
  ruby

DEPENDENCIES
  minitest (= 5.8.3)
  pry
  pry-byebug (~> 2.0)
  rake (~> 10.5)
  ruby-ethereum!
  serpent (~> 0.3)
  yard (= 0.8.7.6)

BUNDLED WITH
   1.11.2
